PATH
  remote: .
  specs:
    coinmarketcal (0.1.0)
      faraday (~> 0.12)
      faraday_middleware (~> 0.12)

GEM
  remote: https://rubygems.org/
  specs:
    faraday (0.15.2)
      multipart-post (>= 1.2, < 3)
    faraday_middleware (0.12.2)
      faraday (>= 0.7.4, < 1.0)
    multipart-post (1.2.0)
    rake (10.0.4)

PLATFORMS
  ruby

DEPENDENCIES
  bundler (~> 1.16)
  coinmarketcal!
  rake (~> 10.0)

BUNDLED WITH
   1.16.1
